{
  "AcquisitionMatrixPE": 80,
  "AcquisitionNumber": 1,
  "AcquisitionTime": "09:34:36.162500",
  "BandwidthPerPixelPhaseEncode": 48.077,
  "BaseResolution": 80,
  "BodyPartExamined": "BRAIN",
  "ConsistencyInfo": "N4_VE11C_LATEST_20160120",
  "ConversionSoftware": "dcm2niix",
  "ConversionSoftwareVersion": "v1.0.20190902",
  "DerivedVendorReportedEchoSpacing": 0.000519999,
  "DeviceSerialNumber": "66112",
  "DwellTime": 2.7e-06,
  "EchoTime": 0.032,
  "EchoTrainLength": 39,
  "EffectiveEchoSpacing": 0.00026,
  "FlipAngle": 75,
  "ImageOrientationPatientDICOM": [0.998959, -0.0269188, -0.0368265, 0.0331389, 0.983042, 0.180361],
  "ImageType": [
    "ORIGINAL",
    "PRIMARY",
    "M",
    "ND",
    "NORM",
    "MOSAIC"
],
  "ImagingFrequency": 123.252,
  "InPlanePhaseEncodingDirectionDICOM": "COL",
  "InstitutionAddress": "Maynard_3_Hanover_NH_US_03755",
  "InstitutionName": "Dartmouth_College_-_PBS",
  "InstitutionalDepartmentName": "Department",
  "MRAcquisitionType": "2D",
  "MagneticFieldStrength": 3,
  "Manufacturer": "Siemens",
  "ManufacturersModelName": "Prisma",
  "Modality": "MR",
  "ParallelReductionFactorInPlane": 2,
  "PartialFourier": 1,
  "PatientPosition": "HFS",
  "PercentPhaseFOV": 100,
  "PhaseEncodingDirection": "j-",
  "PhaseEncodingSteps": 79,
  "PhaseResolution": 1,
  "PixelBandwidth": 2315,
  "ProcedureStepDescription": "Psych60_1071_Psych60_Pinel_Movie",
  "ProtocolName": "func_run-03_task-pinel_acq-s1p2",
  "PulseSequenceDetails": "%SiemensSeq%_ep2d_bold",
  "ReceiveCoilActiveElements": "HEA;HEP",
  "ReceiveCoilName": "Head_32",
  "ReconMatrixPE": 80,
  "RefLinesPE": 24,
  "RepetitionTime": 2,
  "SAR": 0.082589,
  "ScanOptions": "FS",
  "ScanningSequence": "EP",
  "SequenceName": "_epfid2d1_80",
  "SequenceVariant": "SK",
  "SeriesDescription": "func_run-03_task-pinel_acq-s1p2",
  "SeriesNumber": 6,
  "ShimSetting": [4127, -7755, -7287, 421, -5, -83, 70, 108],
  "SliceThickness": 3,
  "SliceTiming": [0.99, 0, 1.0475, 0.0575, 1.105, 0.115, 1.165, 0.175, 1.2225, 0.2325, 1.28, 0.29, 1.3375, 0.35, 1.3975, 0.4075, 1.455, 0.465, 1.5125, 0.5225, 1.5725, 0.5825, 1.63, 0.64, 1.6875, 0.6975, 1.7475, 0.7575, 1.805, 0.815, 1.8625, 0.8725, 1.92, 0.93],
  "SoftwareVersions": "syngo_MR_E11",
  "SpacingBetweenSlices": 3,
  "StationName": "AWP66112",
  "TaskName": "pinel",
  "TotalReadoutTime": 0.02054,
  "TxRefAmp": 239.056,
  "dcmmeta_affine": [
    [-2.9968771934509277, 0.09941677004098892, -0.09404050558805466, 118.66644287109375],
    [0.0807565376162529, 2.9491260051727295, 0.5441821217536926, -101.67779541015625],
    [-0.11047937721014023, -0.5410842299461365, 2.9487321376800537, -18.075681686401367],
    [0.0, 0.0, 0.0, 1.0]
],
  "dcmmeta_reorient_transform": [
    [0.0, -1.0, 0.0, 79.0],
    [1.0, 0.0, 0.0, 0.0],
    [0.0, 0.0, 1.0, 0.0],
    [0.0, 0.0, 0.0, 1.0]
],
  "dcmmeta_shape": [80, 80, 34, 150],
  "dcmmeta_slice_dim": 2,
  "dcmmeta_version": 0.6,
  "global": {
    "const": {
      "AccessionNumber": "A003285",
      "AcquisitionMatrix": [80, 0, 0, 80],
      "AngioFlag": "N",
      "BitsAllocated": 16,
      "BitsStored": 12,
      "BodyPartExamined": "BRAIN",
      "Columns": 480,
      "EchoNumbers": 1,
      "EchoTime": 32.0,
      "EchoTrainLength": 39,
      "FlipAngle": 75.0,
      "HighBit": 11,
      "ImageOrientationPatient": [0.9989590520024, -0.0269188455127, -0.0368264603068, 0.03313892362917, 0.98304200160668, 0.18036140057626],
      "ImagePositionPatient": [-745.7791499281, -704.97704892878, -146.94229825991],
      "ImageType": [
        "ORIGINAL",
        "PRIMARY",
        "M",
        "ND",
        "NORM",
        "MOSAIC"
],
      "ImagedNucleus": "1H",
      "ImagingFrequency": 123.252191,
      "InPlanePhaseEncodingDirection": "COL",
      "MRAcquisitionType": "2D",
      "MagneticFieldStrength": 3.0,
      "Manufacturer": "SIEMENS",
      "ManufacturerModelName": "Prisma",
      "Modality": "MR",
      "NumberOfAverages": 1.0,
      "NumberOfPhaseEncodingSteps": 79,
      "PercentPhaseFieldOfView": 100.0,
      "PercentSampling": 100.0,
      "PerformedProcedureStepStartTime": "091502.712000",
      "PhotometricInterpretation": "MONOCHROME2",
      "PixelBandwidth": 2315.0,
      "PixelRepresentation": 0,
      "PixelSpacing": [3.0, 3.0],
      "ProtocolName": "func_run-03_task-pinel_acq-s1p2",
      "RepetitionTime": 2000.0,
      "Rows": 480,
      "SAR": 0.08258899478323,
      "SamplesPerPixel": 1,
      "ScanOptions": "FS",
      "ScanningSequence": "EP",
      "SequenceName": "*epfid2d1_80",
      "SequenceVariant": "SK",
      "SeriesDescription": "func_run-03_task-pinel_acq-s1p2",
      "SeriesNumber": 6,
      "SeriesTime": "093519.857000",
      "SliceLocation": -39.930347181175,
      "SliceThickness": 3.0,
      "SmallestImagePixelValue": 0,
      "SoftwareVersions": "syngo MR E11",
      "SpacingBetweenSlices": 2.9999998991147,
      "SpecificCharacterSet": "ISO_IR 100",
      "StudyID": "1",
      "StudyTime": "091502.594000",
      "TransmitCoilName": "Body",
      "VariableFlipAngleFlag": "N",
      "WindowCenterWidthExplanation": "Algo1",
      "dBdt": 0.0},
